GEM
  remote: https://rubygems.org/
  specs:
    liquid (5.4.0)
    minitest (5.23.1)

PLATFORMS
  arm64-darwin-21
  ruby

DEPENDENCIES
  liquid
  minitest

RUBY VERSION
   ruby 3.2.1p31

BUNDLED WITH
   2.5.6
