GEM
  remote: https://rubygems.org/
  specs:
    liquid (5.4.0)

PLATFORMS
  arm64-darwin-21
  ruby

DEPENDENCIES
  liquid

RUBY VERSION
   ruby 3.2.1p31

BUNDLED WITH
   2.5.6
